PATH
  remote: .
  specs:
    herokuci (0.1.0)
      OptionParser (~> 0.5.1)
      rb-blink1 (~> 0.0.7)

GEM
  remote: https://rubygems.org/
  specs:
    OptionParser (0.5.1)
    rake (10.5.0)
    rb-blink1 (0.0.7)

PLATFORMS
  ruby

DEPENDENCIES
  bundler (~> 1.16)
  herokuci!
  rake (~> 10.0)

BUNDLED WITH
   1.16.1
